GEM
  remote: https://rubygems.org/
  specs:
    bcrypt (3.1.13)
    byebug (11.0.1)
    jwt (2.2.1)
    mustermann (1.1.1)
      ruby2_keywords (~> 0.0.1)
    rack (2.2.6.4)
    rack-protection (2.0.8.1)
      rack
    rake (12.3.3)
    ruby2_keywords (0.0.2)
    sinatra (2.0.8.1)
      mustermann (~> 1.0)
      rack (~> 2.0)
      rack-protection (= 2.0.8.1)
      tilt (~> 2.0)
    tilt (2.0.10)

PLATFORMS
  ruby

DEPENDENCIES
  bcrypt (~> 3.1)
  byebug (~> 11.0)
  jwt (~> 2.2)
  rake (~> 12.0)
  sinatra (~> 2.0)

BUNDLED WITH
   2.1.4
